GEM
  remote: https://rubygems.org/
  specs:
    pg (0.21.0)
    rack (1.6.4)
    rack-protection (1.5.3)
      rack
    sinatra (1.4.7)
      rack (~> 1.5)
      rack-protection (~> 1.4)
      tilt (>= 1.3, < 3)
    tilt (2.0.5)

PLATFORMS
  ruby

DEPENDENCIES
  pg (~> 0.18)
  sinatra

BUNDLED WITH
   1.15.3
